GEM
  remote: https://rubygems.org/
  specs:
    ffi (1.15.0)
    json (2.5.1)
    minitest (5.14.4)
    rbnacl (7.1.1)
      ffi

PLATFORMS
  x86_64-linux

DEPENDENCIES
  json
  minitest
  rbnacl

BUNDLED WITH
   2.2.15
